GIT
  remote: git://github.com/adaoraul/rack-jekyll.git
  revision: d9cbc59121c4441820353485fbacd4d5295c5cd3
  specs:
    rack-jekyll (0.3.7)
      jekyll (~> 0.11.0)
      rack (~> 1.3.2)

GEM
  remote: http://rubygems.org/
  specs:
    albino (1.3.3)
      posix-spawn (>= 0.3.6)
    classifier (1.3.3)
      fast-stemmer (>= 1.0.0)
    daemons (1.1.5)
    directory_watcher (1.4.1)
    eventmachine (0.12.10)
    fast-stemmer (1.0.0)
    jekyll (0.11.2)
      albino (~> 1.3)
      classifier (~> 1.3)
      directory_watcher (~> 1.1)
      kramdown (~> 0.13)
      liquid (~> 2.3)
      maruku (~> 0.5)
    kramdown (0.13.4)
    liquid (2.3.0)
    maruku (0.6.0)
      syntax (>= 1.0.0)
    posix-spawn (0.3.6)
    rack (1.3.6)
    syntax (1.0.0)
    thin (1.3.1)
      daemons (>= 1.0.9)
      eventmachine (>= 0.12.6)
      rack (>= 1.0.0)

PLATFORMS
  ruby

DEPENDENCIES
  jekyll
  rack-jekyll!
  thin
